GEM
  remote: https://rubygems.org/
  specs:
    diff-lcs (1.5.1)
    domain_name (0.6.20240107)
    http-accept (1.7.0)
    http-cookie (1.0.5)
      domain_name (~> 0.5)
    marc (1.2.0)
      rexml
      scrub_rb (>= 1.0.1, < 2)
      unf
    mime-types (3.5.2)
      mime-types-data (~> 3.2015)
    mime-types-data (3.2024.0305)
    netrc (0.11.0)
    rest-client (2.1.0)
      http-accept (>= 1.7.0, < 2.0)
      http-cookie (>= 1.0.2, < 2.0)
      mime-types (>= 1.16, < 4.0)
      netrc (~> 0.8)
    rexml (3.2.6)
    rspec (3.7.0)
      rspec-core (~> 3.7.0)
      rspec-expectations (~> 3.7.0)
      rspec-mocks (~> 3.7.0)
    rspec-core (3.7.1)
      rspec-support (~> 3.7.0)
    rspec-expectations (3.7.0)
      diff-lcs (>= 1.2.0, < 2.0)
      rspec-support (~> 3.7.0)
    rspec-mocks (3.7.0)
      diff-lcs (>= 1.2.0, < 2.0)
      rspec-support (~> 3.7.0)
    rspec-support (3.7.1)
    scrub_rb (1.0.1)
    unf (0.1.4)
      unf_ext
    unf_ext (0.0.9.1)

PLATFORMS
  arm64-darwin-21

DEPENDENCIES
  marc (~> 1.0)
  rest-client (~> 2.0)
  rspec (~> 3.7.0)

RUBY VERSION
   ruby 3.2.2p53

BUNDLED WITH
   2.4.22
